GEM
  remote: http://devfu-geminabox.flowbyte.net/
  specs:
    flowbyte-private (1.0.0)
    rake (12.3.1)

PLATFORMS
  ruby

DEPENDENCIES
  flowbyte-private
  rake

BUNDLED WITH
   1.15.2
